GIT
  remote: git://github.com/EthilVan/jruby-pegdown.git
  revision: eee678714af007c6f165c3b12a0d5f65aa0c0a19
  specs:
    jruby-pegdown (0.0.1)

GEM
  remote: http://rubygems.org/
  specs:
    activemodel (3.2.9)
      activesupport (= 3.2.9)
      builder (~> 3.0.0)
    activerecord (3.2.9)
      activemodel (= 3.2.9)
      activesupport (= 3.2.9)
      arel (~> 3.0.2)
      tzinfo (~> 0.3.29)
    activerecord-jdbc-adapter (1.2.2.1)
    activerecord-jdbcmysql-adapter (1.2.2.1)
      activerecord-jdbc-adapter (~> 1.2.2.1)
      jdbc-mysql (~> 5.1.0)
    activesupport (3.2.9)
      i18n (~> 0.6)
      multi_json (~> 1.0)
    arel (3.0.2)
    backports (2.6.5)
    bcrypt-ruby (3.0.1)
    bcrypt-ruby (3.0.1-java)
    builder (3.0.4)
    chunky_png (1.2.6)
    coderay (1.0.8)
    daemons (1.1.9)
    database_cleaner (0.9.1)
    eventmachine (1.0.0)
    eventmachine (1.0.0-java)
    factory_girl (4.1.0)
      activesupport (>= 3.0.0)
    gemoji (1.3.0)
    i18n (0.6.1)
    jdbc-mysql (5.1.13)
    method_source (0.8.1)
    minitest (4.3.2)
    multi_json (1.3.7)
    mustache (0.99.4)
    mysql2 (0.3.11)
    nokogiri (1.5.5)
    nokogiri (1.5.5-java)
    pry (0.9.10)
      coderay (~> 1.0.5)
      method_source (~> 0.8)
      slop (~> 3.3.1)
    pry (0.9.10-java)
      coderay (~> 1.0.5)
      method_source (~> 0.8)
      slop (~> 3.3.1)
      spoon (~> 0.0)
    puma (1.6.3-java)
      rack (~> 1.2)
    rack (1.4.1)
    rack-protection (1.2.0)
      rack
    rack-test (0.6.2)
      rack (>= 1.0)
    rainpress (1.0)
    rake (10.0.2)
    redcarpet (2.2.2)
    sinatra (1.3.3)
      rack (~> 1.3, >= 1.3.6)
      rack-protection (~> 1.2)
      tilt (~> 1.3, >= 1.3.3)
    sinatra-contrib (1.3.2)
      backports (>= 2.0)
      eventmachine
      rack-protection
      rack-test
      sinatra (~> 1.3.0)
      tilt (~> 1.3)
    slop (3.3.3)
    spoon (0.0.1)
    thin (1.5.0)
      daemons (>= 1.0.9)
      eventmachine (>= 0.12.6)
      rack (>= 1.0.0)
    tilt (1.3.3)
    tzinfo (0.3.35)
    watchr (0.7)

PLATFORMS
  java
  ruby

DEPENDENCIES
  activerecord
  activerecord-jdbcmysql-adapter
  bcrypt-ruby
  chunky_png
  database_cleaner
  factory_girl
  gemoji
  jruby-pegdown!
  minitest
  mustache
  mysql2
  nokogiri
  pry
  puma
  rack-test
  rainpress
  rake
  redcarpet
  sinatra
  sinatra-contrib
  thin
  watchr
