GEM
  remote: http://rubygems.org/
  specs:
    activemodel (3.2.8)
      activesupport (= 3.2.8)
      builder (~> 3.0.0)
    activerecord (3.2.8)
      activemodel (= 3.2.8)
      activesupport (= 3.2.8)
      arel (~> 3.0.2)
      tzinfo (~> 0.3.29)
    activerecord-jdbc-adapter (1.2.2.1)
    activerecord-jdbcmysql-adapter (1.2.2.1)
      activerecord-jdbc-adapter (~> 1.2.2.1)
      jdbc-mysql (~> 5.1.0)
    activesupport (3.2.8)
      i18n (~> 0.6)
      multi_json (~> 1.0)
    arel (3.0.2)
    backports (2.6.4)
    bcrypt-ruby (3.0.1)
    bcrypt-ruby (3.0.1-java)
    builder (3.0.3)
    chunky_png (1.2.6)
    coderay (1.0.8)
    eventmachine (1.0.0)
    eventmachine (1.0.0-java)
    factory_girl (4.1.0)
      activesupport (>= 3.0.0)
    gemoji (1.1.1)
    i18n (0.6.1)
    image_size (1.1.1)
    jbundler (0.3.2)
      ruby-maven (= 3.0.4.1)
    jdbc-mysql (5.1.13)
    maven-tools (0.29.3)
    method_source (0.8)
    minitest (4.1.0)
    multi_json (1.3.6)
    mustache (0.99.4)
    mysql2 (0.3.11)
    os (0.9.6)
    pry (0.9.10)
      coderay (~> 1.0.5)
      method_source (~> 0.8)
      slop (~> 3.3.1)
    pry (0.9.10-java)
      coderay (~> 1.0.5)
      method_source (~> 0.8)
      slop (~> 3.3.1)
      spoon (~> 0.0)
    puma (1.6.3)
      rack (~> 1.2)
    puma (1.6.3-java)
      rack (~> 1.2)
    rack (1.4.1)
    rack-protection (1.2.0)
      rack
    rack-test (0.6.2)
      rack (>= 1.0)
    rainpress (1.0)
    redcarpet (2.1.1)
    ruby-maven (3.0.4.1)
      maven-tools (~> 0.29.1)
      thor (>= 0.14.6, < 2.0)
    sass (3.2.1)
    sinatra (1.3.3)
      rack (~> 1.3, >= 1.3.6)
      rack-protection (~> 1.2)
      tilt (~> 1.3, >= 1.3.3)
    sinatra-contrib (1.3.1)
      backports (>= 2.0)
      eventmachine
      rack-protection
      rack-test
      sinatra (~> 1.3.0)
      tilt (~> 1.3)
    slop (3.3.3)
    spoon (0.0.1)
    thor (0.14.6)
    tilt (1.3.3)
    tzinfo (0.3.33)
    watchr (0.7)
    will_paginate (3.0.3)

PLATFORMS
  java
  ruby

DEPENDENCIES
  activerecord
  activerecord-jdbcmysql-adapter
  bcrypt-ruby
  chunky_png
  factory_girl
  gemoji
  image_size
  jbundler
  minitest
  mustache
  mysql2
  os
  pry
  puma
  rack-test
  rainpress
  redcarpet
  sass
  sinatra
  sinatra-contrib
  thor (< 0.16.0)
  watchr
  will_paginate
